GEM
  remote: http://rubygems.org/
  specs:
    addressable (2.2.6)
    async-rack (0.5.1)
      rack (~> 1.1)
    daemons (1.1.4)
    em-http-request (0.3.0)
      addressable (>= 2.0.0)
      escape_utils
      eventmachine (>= 0.12.9)
    em-resolv-replace (1.1.1)
    em-synchrony (0.2.0)
      eventmachine (>= 0.12.9)
    em-websocket (0.3.1)
      addressable (>= 2.1.1)
      eventmachine (>= 0.12.9)
    escape_utils (0.2.4)
    eventmachine (0.12.10)
    guard (0.7.0)
      thor (~> 0.14.6)
    guard-livereload (0.3.1)
      em-websocket (>= 0.2.0)
      guard (>= 0.4.0)
      multi_json (~> 1.0.3)
    multi_json (1.0.3)
    rack (1.3.3)
    rack-fiber_pool (0.9.1)
    sass (3.1.7)
    sinatra (1.2.6)
      rack (~> 1.1)
      tilt (< 2.0, >= 1.2.2)
    sinatra-synchrony (0.1.1)
      async-rack
      em-http-request (= 0.3.0)
      em-resolv-replace
      em-synchrony (= 0.2.0)
      rack-fiber_pool (= 0.9.1)
      sinatra (>= 1.0)
    thin (1.2.11)
      daemons (>= 1.0.9)
      eventmachine (>= 0.12.6)
      rack (>= 1.0.0)
    thor (0.14.6)
    tilt (1.3.3)

PLATFORMS
  ruby

DEPENDENCIES
  guard-livereload
  sass
  sinatra
  sinatra-synchrony
  thin
